GEM
  remote: https://rubygems.org/
  specs:
    parallel (1.9.0)
    rubyzip (1.2.0)

PLATFORMS
  x86-mingw32

DEPENDENCIES
  parallel
  rubyzip

BUNDLED WITH
   1.13.5
