GEM
  remote: https://rubygems.org/
  specs:
    rubyzip (1.2.0)

PLATFORMS
  x86-mingw32

DEPENDENCIES
  rubyzip

BUNDLED WITH
   1.13.5
